GEM
  remote: https://rubygems.org/
  specs:
    faraday (1.0.1)
      multipart-post (>= 1.2, < 3)
    multipart-post (2.1.1)
    springcm-sdk (1.3.0)
      faraday (~> 1.0)

PLATFORMS
  ruby

DEPENDENCIES
  springcm-sdk

BUNDLED WITH
   2.1.4
